GIT
  remote: https://github.com/HouseTrip/routemaster_client.git
  revision: deb02af06686f7474ae261b4f64c938983d43c0b
  specs:
    routemaster-client (1.2.0)
      faraday (>= 0.9.0)
      net-http-persistent
      wisper (>= 1.4.0)

GEM
  remote: https://rubygems.org/
  specs:
    addressable (2.3.8)
    amq-protocol (1.9.2)
    bunny (1.7.0)
      amq-protocol (>= 1.9.2)
    celluloid (0.16.0)
      timers (~> 4.0.0)
    coderay (1.1.0)
    crack (0.4.2)
      safe_yaml (~> 1.0.0)
    diff-lcs (1.2.5)
    dogapi (1.17.0)
      multi_json
    dotenv (2.0.1)
    eventmachine (1.0.7)
    faraday (0.9.1)
      multipart-post (>= 1.2, < 3)
    faraday_middleware (0.9.1)
      faraday (>= 0.7.4, < 0.10)
    ffi (1.9.8)
    foreman (0.78.0)
      thor (~> 0.19.1)
    formatador (0.2.5)
    guard (2.12.5)
      formatador (>= 0.2.4)
      listen (~> 2.7)
      lumberjack (~> 1.0)
      nenv (~> 0.1)
      notiffany (~> 0.0)
      pry (>= 0.9.12)
      shellany (~> 0.0)
      thor (>= 0.18.1)
    guard-compat (1.2.1)
    guard-rspec (4.5.0)
      guard (~> 2.1)
      guard-compat (~> 1.1)
      rspec (>= 2.99.0, < 4.0)
    hiredis (0.6.0)
    hirefire-resource (0.3.7)
    hitimes (1.2.2)
    honeybadger (2.0.12)
    kgio (2.9.3)
    listen (2.10.0)
      celluloid (~> 0.16.0)
      rb-fsevent (>= 0.9.3)
      rb-inotify (>= 0.9)
    lumberjack (1.0.9)
    method_source (0.8.2)
    multi_json (1.11.0)
    multipart-post (2.0.0)
    nenv (0.2.0)
    net-http-persistent (2.9.4)
    newrelic_rpm (3.12.0.288)
    notiffany (0.0.6)
      nenv (~> 0.1)
      shellany (~> 0.0)
    pry (0.10.1)
      coderay (~> 1.1.0)
      method_source (~> 0.8.1)
      slop (~> 3.4)
    pry-nav (0.2.4)
      pry (>= 0.9.10, < 0.11.0)
    pry-remote (0.1.8)
      pry (~> 0.9)
      slop (~> 3.0)
    rack (1.6.2)
    rack-protection (1.5.3)
      rack
    rack-ssl (1.4.1)
      rack
    rack-test (0.6.3)
      rack (>= 1.0)
    raindrops (0.13.0)
    rb-fsevent (0.9.4)
    rb-inotify (0.9.5)
      ffi (>= 0.5.0)
    redis (3.2.1)
    rspec (3.2.0)
      rspec-core (~> 3.2.0)
      rspec-expectations (~> 3.2.0)
      rspec-mocks (~> 3.2.0)
    rspec-core (3.2.3)
      rspec-support (~> 3.2.0)
    rspec-expectations (3.2.1)
      diff-lcs (>= 1.2.0, < 2.0)
      rspec-support (~> 3.2.0)
    rspec-mocks (3.2.1)
      diff-lcs (>= 1.2.0, < 2.0)
      rspec-support (~> 3.2.0)
    rspec-support (3.2.2)
    rufus-scheduler (3.1.1)
    safe_yaml (1.0.4)
    sentry-raven (0.13.3)
      faraday (>= 0.7.6)
    shellany (0.0.1)
    sinatra (1.4.6)
      rack (~> 1.4)
      rack-protection (~> 1.4)
      tilt (>= 1.3, < 3)
    sinatra-initializers (0.1.4)
    slop (3.6.0)
    thor (0.19.1)
    tilt (2.0.1)
    timecop (0.7.3)
    timers (4.0.1)
      hitimes
    tunnels (1.2.2)
      eventmachine
    unicorn (4.9.0)
      kgio (~> 2.6)
      rack
      raindrops (~> 0.7)
    webmock (1.21.0)
      addressable (>= 2.3.6)
      crack (>= 0.3.2)
    wisper (1.6.0)

PLATFORMS
  ruby

DEPENDENCIES
  bunny
  dogapi
  dotenv
  faraday
  faraday_middleware
  foreman
  guard-rspec
  hiredis
  hirefire-resource
  honeybadger
  newrelic_rpm
  pry
  pry-nav
  pry-remote
  rack-ssl
  rack-test
  redis
  routemaster-client!
  rspec
  rufus-scheduler
  sentry-raven
  sinatra
  sinatra-initializers
  timecop
  tunnels
  unicorn
  webmock
